GEM
  remote: https://rubygems.org/
  specs:
    diff-lcs (1.2.5)
    rspec-expectations (3.4.0)
      diff-lcs (>= 1.2.0, < 2.0)
      rspec-support (~> 3.4.0)
    rspec-support (3.4.1)

PLATFORMS
  ruby

DEPENDENCIES
  rspec-expectations

BUNDLED WITH
   1.11.2
